GEM
  remote: http://rubygems.org/
  specs:
    diff-lcs (1.1.2)
    faker (0.9.5)
      i18n (~> 0.4)
    i18n (0.5.0)
    mysql (2.8.1)
    rspec (2.5.0)
      rspec-core (~> 2.5.0)
      rspec-expectations (~> 2.5.0)
      rspec-mocks (~> 2.5.0)
    rspec-core (2.5.1)
    rspec-expectations (2.5.0)
      diff-lcs (~> 1.1.2)
    rspec-mocks (2.5.0)
    sequel (3.21.0)

PLATFORMS
  ruby

DEPENDENCIES
  faker
  mysql
  rspec
  sequel
